##TITLE= Parameter file, XWIN-NMR		Version 3.5
##JCAMPDX= 5.0
##DATATYPE= Parameter Values
##ORIGIN= UXNMR, Bruker Analytische Messtechnik GmbH
##OWNER= root
$$ Fri Jan 30 15:19:06 2015 PST (UT-8h)  mcmahola@bruker85.dom.uab.edu
$$ /opt/xwinnmr/data/mcmahola/nmr/glycerol-10mm/1/pdata/1/proc
##$ABSF1= 10
##$ABSF2= 0
##$ABSG= 5
##$ABSL= 3
##$ALPHA= 0
##$AQORDER= 0
##$ASSFAC= 0
##$ASSFACI= 0
##$ASSFACX= 0
##$ASSWID= 0
##$AUNMP= <proc_1d>
##$AZFE= 0.1
##$AZFW= 0.1
##$BCFW= 1
##$BC_mod= 2
##$BYTORDP= 0
##$COROFFS= 0
##$CY= 12.5
##$DATMOD= 0
##$DC= 2
##$DFILT= <>
##$DTYPP= 0
##$F1P= 9.70747053200748
##$F2P= 0.140065418150725
##$FCOR= 0.5
##$FTSIZE= 16384
##$FT_mod= 4
##$GAMMA= 1
##$GB= 0
##$INTBC= 1
##$INTSCL= 1
##$ISEN= 128
##$LB= 0.5
##$LEV0= 0
##$LPBIN= 0
##$MAXI= 10000
##$MC2= 0
##$MEAN= 0
##$ME_mod= 0
##$MI= 0
##$NCOEF= 0
##$NC_proc= 0
##$NLEV= 6
##$NOISF1= 0
##$NOISF2= 0
##$NSP= 1
##$NTH_PF= 0 
##$NTH_PI= 0
##$NZP= 0
##$OFFSET= 10.47657
##$PC= 1
##$PHC0= 39.93492
##$PHC1= -295.5997
##$PH_mod= 0
##$PKNL= yes
##$PPARMOD= 0
##$PSCAL= 0
##$PSIGN= 0
##$REVERSE= no
##$SF= 360.16
##$SI= 16384
##$SIGF1= 0
##$SIGF2= 0
##$SINO= 400
##$SIOLD= 16384
##$SREGLST= <1H.CDCl3>
##$SSB= 0
##$STSI= 0
##$STSR= 0
##$SW_p= 2403.84615379572
##$SYMM= 0
##$S_DEV= 0
##$T1D= 5 
##$TDeff= 0
##$TDoff= 0
##$TI= <>
##$TILT= no
##$TM1= 0
##$TM2= 0
##$TOPLEV= 0
##$USERP1= <user>
##$USERP2= <user>
##$USERP3= <user>
##$USERP4= <user>
##$USERP5= <user>
##$WDW= 1
##$XDIM= 8192
##$YMAX_p= 0
##$YMIN_p= 0
##END=
